GEM
  remote: https://rubygems.org/
  specs:
    mediawiki-butt (4.0.1)
      patron (~> 0.13)
    patron (0.13.3)

PLATFORMS
  ruby

DEPENDENCIES
  mediawiki-butt (~> 4.0.1)

RUBY VERSION
   ruby 2.7.1p83

BUNDLED WITH
   2.1.4
